GEM
  remote: https://rubygems.org/
  specs:
    RubyInline (3.12.6)
      ZenTest (~> 4.3)
    ZenTest (4.12.1)
    coderay (1.1.3)
    fuzzy-string-match (1.0.1)
      RubyInline (>= 3.8.6)
    method_source (1.0.0)
    pry (0.14.1)
      coderay (~> 1.1)
      method_source (~> 1.0)
    rake (13.0.3)

PLATFORMS
  arm64-darwin-21

DEPENDENCIES
  fuzzy-string-match
  pry
  rake

BUNDLED WITH
   2.2.33
